GIT
  remote: git://github.com/groovyruby/web-app-theme.git
  revision: a24722538115404621c357e90638411ee29ef243
  specs:
    web-app-theme (0.6.2)

GEM
  remote: http://rubygems.org/
  specs:
    abstract (1.0.0)
    actionmailer (3.0.1)
      actionpack (= 3.0.1)
      mail (~> 2.2.5)
    actionpack (3.0.1)
      activemodel (= 3.0.1)
      activesupport (= 3.0.1)
      builder (~> 2.1.2)
      erubis (~> 2.6.6)
      i18n (~> 0.4.1)
      rack (~> 1.2.1)
      rack-mount (~> 0.6.12)
      rack-test (~> 0.5.4)
      tzinfo (~> 0.3.23)
    activemerchant (1.9.0)
      activesupport (>= 2.3.2)
      braintree (>= 2.0.0)
      builder (>= 2.0.0)
    activemodel (3.0.1)
      activesupport (= 3.0.1)
      builder (~> 2.1.2)
      i18n (~> 0.4.1)
    activerecord (3.0.1)
      activemodel (= 3.0.1)
      activesupport (= 3.0.1)
      arel (~> 1.0.0)
      tzinfo (~> 0.3.23)
    activeresource (3.0.1)
      activemodel (= 3.0.1)
      activesupport (= 3.0.1)
    activesupport (3.0.1)
    ancestry (1.2.3)
      activerecord (>= 2.2.2)
    arel (1.0.1)
      activesupport (~> 3.0.0)
    autotest (4.4.2)
    babosa (0.2.0)
    bcrypt-ruby (2.1.2)
    braintree (2.6.2)
      builder
    builder (2.1.2)
    configatron (2.6.4)
      yamler (>= 0.1.0)
    crack (0.1.8)
    default_value_for (1.0.1)
    devise (1.1.5)
      bcrypt-ruby (~> 2.1.2)
      warden (~> 1.0.2)
    diff-lcs (1.1.2)
    erubis (2.6.6)
      abstract (>= 1.0.0)
    factory_girl (1.3.2)
    factory_girl_rails (1.0)
      factory_girl (~> 1.3)
      rails (>= 3.0.0.beta4)
    friendly_id (3.1.7)
      babosa (~> 0.2.0)
    gibbon (0.1.2)
      httparty (> 0.6.0)
      json (> 1.4.0)
    has_scope (0.5.0)
    httparty (0.6.1)
      crack (= 0.1.8)
    i18n (0.4.2)
    inherited_resources (1.1.2)
      has_scope (~> 0.5.0)
      responders (~> 0.6.0)
    json (1.4.6)
    mail (2.2.9)
      activesupport (>= 2.3.6)
      i18n (~> 0.4.1)
      mime-types (~> 1.16)
      treetop (~> 1.4.8)
    meta_search (0.9.8)
      actionpack (~> 3.0.0)
      activerecord (~> 3.0.0)
      activesupport (~> 3.0.0)
      arel (~> 1.0.1)
    mime-types (1.16)
    mocha (0.9.9)
      rake
    mysql2 (0.2.6)
    nifty-generators (0.4.2)
    paperclip (2.3.5)
      activerecord
      activesupport
    polyglot (0.3.1)
    rack (1.2.1)
    rack-mount (0.6.13)
      rack (>= 1.0.0)
    rack-test (0.5.6)
      rack (>= 1.0)
    rails (3.0.1)
      actionmailer (= 3.0.1)
      actionpack (= 3.0.1)
      activerecord (= 3.0.1)
      activeresource (= 3.0.1)
      activesupport (= 3.0.1)
      bundler (~> 1.0.0)
      railties (= 3.0.1)
    railties (3.0.1)
      actionpack (= 3.0.1)
      activesupport (= 3.0.1)
      rake (>= 0.8.4)
      thor (~> 0.14.0)
    rake (0.8.7)
    remarkable (4.0.0.alpha4)
      rspec (>= 2.0.0.alpha11)
    remarkable_activemodel (4.0.0.alpha4)
      remarkable (~> 4.0.0.alpha4)
      rspec (>= 2.0.0.alpha11)
    remarkable_activerecord (4.0.0.alpha4)
      remarkable (~> 4.0.0.alpha4)
      remarkable_activemodel (~> 4.0.0.alpha4)
      rspec (>= 2.0.0.alpha11)
    responders (0.6.2)
    rspec (2.2.0)
      rspec-core (~> 2.2)
      rspec-expectations (~> 2.2)
      rspec-mocks (~> 2.2)
    rspec-core (2.2.1)
    rspec-expectations (2.2.0)
      diff-lcs (~> 1.1.2)
    rspec-mocks (2.2.0)
    rspec-rails (2.2.1)
      actionpack (~> 3.0)
      activesupport (~> 3.0)
      railties (~> 3.0)
      rspec (~> 2.2.0)
    thor (0.14.4)
    transitions (0.0.9)
    treetop (1.4.8)
      polyglot (>= 0.3.1)
    tzinfo (0.3.23)
    warden (1.0.2)
      rack (>= 1.0.0)
    will_paginate (3.0.pre2)
    yamler (0.1.0)

PLATFORMS
  ruby

DEPENDENCIES
  activemerchant
  ancestry
  autotest
  configatron
  default_value_for
  devise
  factory_girl_rails
  friendly_id (~> 3.1)
  gibbon
  inherited_resources (= 1.1.2)
  meta_search
  mime-types
  mocha
  mysql2
  nifty-generators
  paperclip
  rails (>= 3.0.1)
  remarkable_activerecord (>= 4.0.0.alpha4)
  rspec (>= 2.2.0)
  rspec-rails (>= 2.2.0)
  transitions
  web-app-theme (>= 0.6.2)!
  will_paginate (~> 3.0.pre2)
